GEM
  remote: http://rubygems.org/
  specs:
    bunny (0.6.0)
    daemons (1.1.0)
    eventmachine (0.12.10-java)
    ffi (0.6.3-java)
    filewatch (0.1.2)
    hoe (2.9.1)
      rake (>= 0.8.7)
    jls-grok (0.4.6)
      ffi (~> 0.6.3)
    jruby-elasticsearch (0.0.3)
    json (1.5.1-java)
    rake (0.8.7)
    stomp (1.1.8)
    stompserver (0.9.9)
      daemons (>= 1.0.2)
      eventmachine (>= 0.7.2)
      hoe (>= 1.1.1)
      hoe (>= 1.3.0)
    uuidtools (2.1.2)

PLATFORMS
  java

DEPENDENCIES
  bunny
  filewatch
  jls-grok (>= 0.4.3)
  jruby-elasticsearch
  json
  stomp
  stompserver
  uuidtools
